GEM
  remote: https://rubygems.org/
  specs:
    coderay (1.1.3)
    marc (1.1.1)
      rexml
      scrub_rb (>= 1.0.1, < 2)
      unf
    method_source (1.0.0)
    mini_portile2 (2.4.0)
    nokogiri (1.10.10)
      mini_portile2 (~> 2.4.0)
    pry (0.14.1)
      coderay (~> 1.1)
      method_source (~> 1.0)
    rexml (3.2.5)
    scrub_rb (1.0.1)
    unf (0.1.4)
      unf_ext
    unf_ext (0.0.8)

PLATFORMS
  ruby
  x86_64-darwin-18
  x86_64-darwin-19
  x86_64-darwin-20

DEPENDENCIES
  marc
  nokogiri (~> 1.10.4)
  pry

BUNDLED WITH
   2.2.0
